PATH
  remote: .
  specs:
    termworld (0.2.0)
      httpclient
      sequel
      sqlite3 (~> 1.4.2)
      term_canvas (= 0.2.10)
      thor

GEM
  remote: https://rubygems.org/
  specs:
    byebug (11.1.3)
    coderay (1.1.3)
    curses (1.4.2)
    httpclient (2.8.3)
    method_source (1.0.0)
    pry (0.13.1)
      coderay (~> 1.1)
      method_source (~> 1.0)
    pry-byebug (3.9.0)
      byebug (~> 11.0)
      pry (~> 0.13.0)
    rake (13.0.3)
    sequel (5.45.0)
    sqlite3 (1.4.2)
    term_canvas (0.2.10)
      curses
    thor (1.1.0)

PLATFORMS
  ruby

DEPENDENCIES
  bundler (~> 2.0)
  pry-byebug
  rake (~> 13.0)
  termworld!

BUNDLED WITH
   2.1.4
